GEM
  remote: http://rubygems.org/
  specs:
    ffi (1.11.1)
    haml (5.1.0)
      temple (>= 0.8.0)
      tilt
    json (2.2.0)
    mustermann (1.0.3)
    rack (2.0.7)
    rack-protection (2.0.5)
      rack
    rb-fsevent (0.10.3)
    rb-inotify (0.10.0)
      ffi (~> 1.0)
    sass (3.7.4)
      sass-listen (~> 4.0.0)
    sass-listen (4.0.0)
      rb-fsevent (~> 0.9, >= 0.9.4)
      rb-inotify (~> 0.9, >= 0.9.7)
    sinatra (2.0.5)
      mustermann (~> 1.0)
      rack (~> 2.0)
      rack-protection (= 2.0.5)
      tilt (~> 2.0)
    temple (0.8.1)
    tilt (2.0.9)
    voidtools (0.3.1)

PLATFORMS
  ruby

DEPENDENCIES
  haml
  json
  sass
  sinatra
  voidtools

BUNDLED WITH
   2.0.1
